GIT
  remote: git://github.com/bernd/webmachine-test.git
  revision: 8c8d898cbb301755d42fd565230d3064bd812129
  specs:
    webmachine-test (0.0.0)
      webmachine

GIT
  remote: git://github.com/celluloid/celluloid-zmq.git
  revision: 25decd35d2a24f43000d64ea7a7b38c5c0a9f159
  specs:
    celluloid-zmq (0.11.0)
      celluloid (~> 0.11.0)
      celluloid-io (~> 0.11.0)
      ffi
      ffi-rzmq

GIT
  remote: git://github.com/drugpl/bbq.git
  revision: 7a41c5f5f139e992c319d81a3d3b40917a952923
  specs:
    bbq (0.0.4)
      activesupport (>= 2.0)
      capybara (~> 1.0)

GEM
  remote: https://rubygems.org/
  specs:
    activesupport (3.2.6)
      i18n (~> 0.6)
      multi_json (~> 1.0)
    addressable (2.2.8)
    bcrypt-ruby (3.0.1)
    capybara (1.1.2)
      mime-types (>= 1.16)
      nokogiri (>= 1.3.3)
      rack (>= 1.0.0)
      rack-test (>= 0.5.4)
      selenium-webdriver (~> 2.0)
      xpath (~> 0.1.4)
    capybara-webkit (0.12.1)
      capybara (>= 1.0.0, < 1.2)
      json
    capybara-webkit-remote (0.0.4)
      capybara-webkit (>= 0.12.0)
    celluloid (0.11.0)
    celluloid-io (0.11.0)
      celluloid (~> 0.11.0)
      nio4r (>= 0.4.0)
    childprocess (0.3.3)
      ffi (~> 1.0.6)
    cocaine (0.2.1)
    datamapper (1.2.0)
      dm-aggregates (~> 1.2.0)
      dm-constraints (~> 1.2.0)
      dm-core (~> 1.2.0)
      dm-migrations (~> 1.2.0)
      dm-serializer (~> 1.2.0)
      dm-timestamps (~> 1.2.0)
      dm-transactions (~> 1.2.0)
      dm-types (~> 1.2.0)
      dm-validations (~> 1.2.0)
    dm-aggregates (1.2.0)
      dm-core (~> 1.2.0)
    dm-constraints (1.2.0)
      dm-core (~> 1.2.0)
    dm-core (1.2.0)
      addressable (~> 2.2.6)
    dm-migrations (1.2.0)
      dm-core (~> 1.2.0)
    dm-serializer (1.2.1)
      dm-core (~> 1.2.0)
      fastercsv (~> 1.5.4)
      json (~> 1.6.1)
      json_pure (~> 1.6.1)
      multi_json (~> 1.0.3)
    dm-timestamps (1.2.0)
      dm-core (~> 1.2.0)
    dm-transactions (1.2.0)
      dm-core (~> 1.2.0)
    dm-types (1.2.1)
      bcrypt-ruby (~> 3.0.0)
      dm-core (~> 1.2.0)
      fastercsv (~> 1.5.4)
      json (~> 1.6.1)
      multi_json (~> 1.0.3)
      stringex (~> 1.3.0)
      uuidtools (~> 2.1.2)
    dm-validations (1.2.0)
      dm-core (~> 1.2.0)
    fastercsv (1.5.5)
    ffi (1.0.11)
    ffi-rzmq (0.9.3)
      ffi
    foreman (0.47.0)
      thor (>= 0.13.6)
    growl (1.0.3)
    guard (1.2.3)
      listen (>= 0.4.2)
      thor (>= 0.14.6)
    guard-minitest (0.5.0)
      guard (>= 0.4)
    httpclient (2.2.5)
    i18n (0.6.0)
    json (1.6.7)
    json_pure (1.6.7)
    libwebsocket (0.1.3)
      addressable
    listen (0.4.7)
      rb-fchange (~> 0.0.5)
      rb-fsevent (~> 0.9.1)
      rb-inotify (~> 0.8.8)
    metaclass (0.0.1)
    mime-types (1.19)
    minitest (3.2.0)
    mocha (0.11.4)
      metaclass (~> 0.0.1)
    multi_json (1.0.4)
    nio4r (0.4.0)
    nokogiri (1.5.5)
    posix-spawn (0.3.6)
    rack (1.4.1)
    rack-test (0.6.1)
      rack (>= 1.0)
    rake (0.9.2.2)
    rb-fchange (0.0.5)
      ffi
    rb-fsevent (0.9.1)
    rb-inotify (0.8.8)
      ffi (>= 0.5.0)
    rubyzip (0.9.9)
    selenium-webdriver (2.24.0)
      childprocess (>= 0.2.5)
      libwebsocket (~> 0.1.3)
      multi_json (~> 1.0)
      rubyzip
    stringex (1.3.3)
    thor (0.15.4)
    uuidtools (2.1.2)
    webmachine (0.4.2)
      i18n (>= 0.4.0)
    xpath (0.1.4)
      nokogiri (~> 1.3)

PLATFORMS
  ruby

DEPENDENCIES
  bbq!
  capybara-webkit-remote
  celluloid-zmq!
  cocaine
  datamapper
  foreman
  growl
  guard-minitest
  httpclient
  minitest
  mocha
  posix-spawn
  rake
  rb-fsevent
  webmachine
  webmachine-test!
